GEM
  remote: https://rubygems.org/
  specs:
    erubi (1.10.0)
    mustermann (1.1.1)
      ruby2_keywords (~> 0.0.1)
    rack (2.2.6.2)
    rack-protection (2.1.0)
      rack
    redis (4.5.1)
    ruby2_keywords (0.0.5)
    sinatra (2.1.0)
      mustermann (~> 1.0)
      rack (~> 2.2)
      rack-protection (= 2.1.0)
      tilt (~> 2.0)
    tilt (2.0.10)

PLATFORMS
  ruby

DEPENDENCIES
  erubi
  redis
  sinatra

BUNDLED WITH
   2.1.4
