GEM
  remote: https://rubygems.org/
  specs:
    erubi (1.8.0)
    ffi (1.11.1)
    mustermann (1.0.3)
    rack (2.0.8)
    rack-protection (2.0.5)
      rack
    rb-fsevent (0.10.3)
    rb-inotify (0.10.0)
      ffi (~> 1.0)
    redis (4.1.2)
    sass (3.7.4)
      sass-listen (~> 4.0.0)
    sass-listen (4.0.0)
      rb-fsevent (~> 0.9, >= 0.9.4)
      rb-inotify (~> 0.9, >= 0.9.7)
    sinatra (2.0.5)
      mustermann (~> 1.0)
      rack (~> 2.0)
      rack-protection (= 2.0.5)
      tilt (~> 2.0)
    tilt (2.0.9)

PLATFORMS
  ruby

DEPENDENCIES
  erubi
  redis
  sass
  sinatra

BUNDLED WITH
   1.15.0
